RESTRICTION: == netstandard2.0
NUGET
  remote: https://api.nuget.org/v3/index.json
    Fable.Core (3.7.1)
    FSharp.Core (7.0)
    FSharp.Data (4.2.8)
      FSharp.Core (>= 4.7.2)
    Microsoft.Bcl.AsyncInterfaces (7.0)
      System.Threading.Tasks.Extensions (>= 4.5.4)
    NetTopologySuite (2.0)
      System.Memory (>= 4.5.3)
    NetTopologySuite.Features (2.0)
      NetTopologySuite (>= 2.0 < 3.0.0-A)
    NetTopologySuite.IO.GeoJSON (2.0.4)
      NetTopologySuite (>= 2.0 < 3.0.0-A)
      NetTopologySuite.Features (>= 2.0 < 3.0.0-A)
      Newtonsoft.Json (>= 9.0.1)
    Newtonsoft.Json (11.0.2)
    System.Buffers (4.5.1)
    System.Memory (4.5.5)
      System.Buffers (>= 4.5.1)
      System.Numerics.Vectors (>= 4.4)
      System.Runtime.CompilerServices.Unsafe (>= 4.5.3)
    System.Numerics.Vectors (4.5)
    System.Runtime.CompilerServices.Unsafe (6.0)
    System.Text.Encodings.Web (7.0)
      System.Buffers (>= 4.5.1)
      System.Memory (>= 4.5.5)
      System.Runtime.CompilerServices.Unsafe (>= 6.0)
    System.Text.Json (7.0.1)
      Microsoft.Bcl.AsyncInterfaces (>= 7.0)
      System.Buffers (>= 4.5.1)
      System.Memory (>= 4.5.5)
      System.Numerics.Vectors (>= 4.5)
      System.Runtime.CompilerServices.Unsafe (>= 6.0)
      System.Text.Encodings.Web (>= 7.0)
      System.Threading.Tasks.Extensions (>= 4.5.4)
    System.Threading.Tasks.Extensions (4.5.4)
      System.Runtime.CompilerServices.Unsafe (>= 4.5.3)
    Thoth.Json.Net (10.0)
      Fable.Core (>= 3.1.6 < 4.0)
      FSharp.Core (>= 4.7.2)
      Newtonsoft.Json (>= 11.0.2)
GITHUB
  remote: fsprojects/FSharp.TypeProviders.SDK
    src/ProvidedTypes.fs (71a77af9879c8d8062b71ef91fa32e599c0a531b)
    src/ProvidedTypes.fsi (71a77af9879c8d8062b71ef91fa32e599c0a531b)